PATH
  remote: .
  specs:
    mfilter (0.2.1)
      numo-narray (~> 0.9.2.0)

GEM
  remote: https://rubygems.org/
  specs:
    numo-narray (0.9.2.0)
    rake (13.0.6)
    rake-compiler (1.1.1)
      rake

PLATFORMS
  x86_64-linux

DEPENDENCIES
  mfilter!
  rake (~> 13.0)
  rake-compiler (~> 1.1.1)

BUNDLED WITH
   2.2.22
