PATH
  remote: .
  specs:
    mfilter (0.2.0)

GEM
  remote: https://rubygems.org/
  specs:
    rake (13.0.6)
    rake-compiler (1.1.1)
      rake
    rice (2.2.0)

PLATFORMS
  x86_64-linux

DEPENDENCIES
  mfilter!
  rake (~> 13.0)
  rake-compiler (~> 1.1.1)
  rice (~> 2.0)

BUNDLED WITH
   2.2.22
